GEM
  remote: https://rubygems.org/
  specs:
    backports (3.3.3)
    bson (1.9.1)
    bson_ext (1.9.1)
      bson (~> 1.9.1)
    chunky_png (1.2.8)
    compass (0.12.2)
      chunky_png (~> 1.2)
      fssm (>= 0.2.7)
      sass (~> 3.1)
    eventmachine (1.0.3)
    fssm (0.2.10)
    haml (4.0.3)
      tilt
    mongo (1.9.1)
      bson (~> 1.9.1)
    rack (1.5.2)
    rack-protection (1.5.0)
      rack
    rack-test (0.6.2)
      rack (>= 1.0)
    rake (10.1.0)
    sass (3.2.9)
    shotgun (0.9)
      rack (>= 1.0)
    sinatra (1.4.3)
      rack (~> 1.4)
      rack-protection (~> 1.4)
      tilt (~> 1.3, >= 1.3.4)
    sinatra-contrib (1.4.0)
      backports (>= 2.0)
      eventmachine
      rack-protection
      rack-test
      sinatra (~> 1.4.2)
      tilt (~> 1.3)
    tilt (1.4.1)

PLATFORMS
  ruby

DEPENDENCIES
  bson
  bson_ext
  compass
  haml
  mongo
  rake
  sass
  shotgun
  sinatra
  sinatra-contrib
